PATH
  remote: .
  specs:
    emasser (3.4.0)
      activesupport (>= 6.1.4, < 7.1.0)
      colorize (~> 0.8.1)
      dotenv (~> 2.7.6)
      emass_client (~> 3.10)
      rubyzip (~> 2.3.2)
      thor (~> 1.1.0)

GEM
  remote: https://rubygems.org/
  specs:
    activesupport (6.1.7.3)
      concurrent-ruby (~> 1.0, >= 1.0.2)
      i18n (>= 1.6, < 2)
      minitest (>= 5.1)
      tzinfo (~> 2.0)
      zeitwerk (~> 2.3)
    ast (2.4.2)
    bundler-audit (0.9.1)
      bundler (>= 1.2.0, < 3)
      thor (~> 1.0)
    byebug (11.1.3)
    colorize (0.8.1)
    concurrent-ruby (1.2.2)
    diff-lcs (1.5.0)
    dotenv (2.7.6)
    emass_client (3.10.1)
      typhoeus (~> 1.0, >= 1.0.1)
    ethon (0.16.0)
      ffi (>= 1.15.0)
    ffi (1.15.5)
    ffi (1.15.5-x64-mingw32)
    i18n (1.14.1)
      concurrent-ruby (~> 1.0)
    json (2.6.3)
    minitest (5.18.1)
    parallel (1.23.0)
    parser (3.2.2.3)
      ast (~> 2.4.1)
      racc
    racc (1.7.1)
    rainbow (3.1.1)
    rake (13.0.6)
    regexp_parser (2.8.1)
    rexml (3.2.5)
    rspec (3.10.0)
      rspec-core (~> 3.10.0)
      rspec-expectations (~> 3.10.0)
      rspec-mocks (~> 3.10.0)
    rspec-core (3.10.2)
      rspec-support (~> 3.10.0)
    rspec-expectations (3.10.2)
      diff-lcs (>= 1.2.0, < 2.0)
      rspec-support (~> 3.10.0)
    rspec-mocks (3.10.3)
      diff-lcs (>= 1.2.0, < 2.0)
      rspec-support (~> 3.10.0)
    rspec-support (3.10.3)
    rubocop (1.52.1)
      json (~> 2.3)
      parallel (~> 1.10)
      parser (>= 3.2.2.3)
      rainbow (>= 2.2.2, < 4.0)
      regexp_parser (>= 1.8, < 3.0)
      rexml (>= 3.2.5, < 4.0)
      rubocop-ast (>= 1.28.0, < 2.0)
      ruby-progressbar (~> 1.7)
      unicode-display_width (>= 2.4.0, < 3.0)
    rubocop-ast (1.29.0)
      parser (>= 3.2.1.0)
    rubocop-minitest (0.31.0)
      rubocop (>= 1.39, < 2.0)
    rubocop-performance (1.18.0)
      rubocop (>= 1.7.0, < 2.0)
      rubocop-ast (>= 0.4.0)
    rubocop-rake (0.6.0)
      rubocop (~> 1.0)
    ruby-progressbar (1.13.0)
    rubyzip (2.3.2)
    thor (1.1.0)
    typhoeus (1.4.0)
      ethon (>= 0.9.0)
    tzinfo (2.0.6)
      concurrent-ruby (~> 1.0)
    unicode-display_width (2.4.2)
    yaml (0.2.1)
    zeitwerk (2.6.8)

PLATFORMS
  x64-mingw32
  x86_64-linux

DEPENDENCIES
  bundler (~> 2.3)
  bundler-audit (~> 0.7)
  byebug (~> 11.1.3)
  emasser!
  rake (~> 13.0)
  rspec (~> 3.10.0)
  rubocop (~> 1.7)
  rubocop-minitest (~> 0.10)
  rubocop-performance (~> 1.11)
  rubocop-rake (~> 0.5)
  yaml (~> 0.2.0)

BUNDLED WITH
   2.3.22
